GEM
  remote: https://rubygems.org/
  specs:
    base (0.0.2)
    daemons (1.2.2)
    eventmachine (1.0.7)
    haml (4.0.6)
      tilt
    json (1.8.2)
    rack (1.6.0)
    rack-protection (1.5.3)
      rack
    sequel (4.21.0)
    sinatra (1.4.6)
      rack (~> 1.4)
      rack-protection (~> 1.4)
      tilt (>= 1.3, < 3)
    sqlite3 (1.3.10)
    thin (1.6.3)
      daemons (~> 1.0, >= 1.0.9)
      eventmachine (~> 1.0)
      rack (~> 1.0)
    tilt (2.0.1)

PLATFORMS
  ruby

DEPENDENCIES
  base
  eventmachine
  haml
  json
  sequel
  sinatra
  sqlite3
  thin
